GEM
  remote: https://rubygems.org/
  specs:
    backports (3.15.0)
    mini_portile2 (2.8.0)
    multi_json (1.13.1)
    mustermann (1.0.3)
    nokogiri (1.13.4)
      mini_portile2 (~> 2.8.0)
      racc (~> 1.4)
    power_assert (1.1.4)
    racc (1.6.0)
    rack (2.0.7)
    rack-protection (2.0.5)
      rack
    rack-test (1.1.0)
      rack (>= 1.0, < 3)
    rake (12.3.2)
    shotgun (0.9.2)
      rack (>= 1.0)
    sinatra (2.0.5)
      mustermann (~> 1.0)
      rack (~> 2.0)
      rack-protection (= 2.0.5)
      tilt (~> 2.0)
    sinatra-contrib (2.0.5)
      backports (>= 2.8.2)
      multi_json
      mustermann (~> 1.0)
      rack-protection (= 2.0.5)
      sinatra (= 2.0.5)
      tilt (>= 1.3, < 3)
    test-unit (3.3.3)
      power_assert
    tilt (2.0.9)

PLATFORMS
  ruby

DEPENDENCIES
  nokogiri
  rack
  rack-test
  rake
  shotgun
  sinatra
  sinatra-contrib
  test-unit

BUNDLED WITH
   1.17.3
